GEM
  remote: https://rubygems.org/
  specs:
    meszaros (0.0.2)

PLATFORMS
  ruby

DEPENDENCIES
  meszaros
